PATH
  remote: .
  specs:
    debendencies (1.0.0)
      fileutils (~> 1)
      json (~> 2)
      open3 (>= 0.1, < 2)
      optparse (>= 0.4, < 2)
      set (~> 1)
      stringio (~> 3)
      tempfile (>= 0.1, < 2)
      tmpdir (>= 0.1, < 2)

GEM
  remote: https://rubygems.org/
  specs:
    diff-lcs (1.5.1)
    fileutils (1.7.2)
    json (2.7.2)
    open3 (0.2.1)
    optparse (0.5.0)
    rspec (3.13.0)
      rspec-core (~> 3.13.0)
      rspec-expectations (~> 3.13.0)
      rspec-mocks (~> 3.13.0)
    rspec-core (3.13.0)
      rspec-support (~> 3.13.0)
    rspec-expectations (3.13.1)
      diff-lcs (>= 1.2.0, < 2.0)
      rspec-support (~> 3.13.0)
    rspec-mocks (3.13.1)
      diff-lcs (>= 1.2.0, < 2.0)
      rspec-support (~> 3.13.0)
    rspec-support (3.13.1)
    rufo (0.18.0)
    set (1.1.0)
    stringio (3.1.1)
    tempfile (0.2.1)
    tmpdir (0.2.0)
      fileutils

PLATFORMS
  arm64-darwin-22
  ruby
  x86_64-darwin-23
  x86_64-linux

DEPENDENCIES
  debendencies!
  rspec
  rufo

BUNDLED WITH
   2.5.9
